GIT
  remote: git@github.com:tmaesaka/transifex-ruby.git
  revision: 7d999bdd4cb4b80b56e86add170d8c2ed7f7949d
  specs:
    transifex-ruby (0.0.5)
      faraday (>= 0.8.0)
      faraday_middleware (>= 0.9.0)
      hashie (>= 1.2.0)

GEM
  remote: http://rubygems.org/
  specs:
    faraday (0.15.4)
      multipart-post (>= 1.2, < 3)
    faraday_middleware (0.13.1)
      faraday (>= 0.7.4, < 1.0)
    hashie (3.6.0)
    multipart-post (2.1.1)

PLATFORMS
  ruby

DEPENDENCIES
  transifex-ruby!

BUNDLED WITH
   1.17.2
